GIT
  remote: git://github.com/technicalpickles/appraisal.git
  revision: a755e5a086fa545f13c7465009e3fb8d4b4ff571
  specs:
    appraisal (0.3.8)
      bundler
      rake

GEM
  remote: https://rubygems.org/
  specs:
    activesupport (3.1.1)
      multi_json (~> 1.0)
    archive-tar-minitar (0.5.2)
    builder (3.0.0)
    coderay (0.9.8)
    columnize (0.3.4)
    diff-lcs (1.1.3)
    facter (1.7.3)
    git (1.2.5)
    hiera (1.3.0)
      json_pure
    highline (1.6.2)
    i18n (0.6.0)
    jeweler (1.6.4)
      bundler (~> 1.0)
      git (>= 1.2.5)
      rake
    json_pure (1.8.1)
    linecache (0.46)
      rbx-require-relative (> 0.0.4)
    linecache19 (0.5.12)
      ruby_core_source (>= 0.1.4)
    method_source (0.6.7)
      ruby_parser (>= 2.3.1)
    multi_json (1.0.3)
    pry (0.9.7.4)
      coderay (~> 0.9.8)
      method_source (~> 0.6.7)
      ruby_parser (>= 2.3.1)
      slop (~> 2.1.0)
    puppet (3.3.2)
      facter (~> 1.6)
      hiera (~> 1.0)
      rgen (~> 0.6.5)
    rake (0.9.2.2)
    rbx-require-relative (0.0.5)
    rdoc (3.9.4)
    rgen (0.6.6)
    rspec (2.8.0)
      rspec-core (~> 2.8.0)
      rspec-expectations (~> 2.8.0)
      rspec-mocks (~> 2.8.0)
    rspec-core (2.8.0)
    rspec-expectations (2.8.0)
      diff-lcs (~> 1.1.2)
    rspec-mocks (2.8.0)
    ruby-debug (0.10.4)
      columnize (>= 0.1)
      ruby-debug-base (~> 0.10.4.0)
    ruby-debug-base (0.10.4)
      linecache (>= 0.3)
    ruby-debug-base19 (0.11.25)
      columnize (>= 0.3.1)
      linecache19 (>= 0.5.11)
      ruby_core_source (>= 0.1.4)
    ruby-debug19 (0.11.6)
      columnize (>= 0.3.1)
      linecache19 (>= 0.5.11)
      ruby-debug-base19 (>= 0.11.19)
    ruby_core_source (0.1.5)
      archive-tar-minitar (>= 0.5.2)
    ruby_parser (2.3.1)
      sexp_processor (~> 3.0)
    sexp_processor (3.0.10)
    slop (2.1.0)
    test-unit (2.4.5)

PLATFORMS
  ruby

DEPENDENCIES
  activesupport (>= 2.2.0)
  appraisal!
  builder (>= 2.1.2)
  highline (>= 1.5.0)
  i18n (>= 0.5.0)
  jeweler (~> 1.6.2)
  pry
  puppet (= 3.3.2)
  rake
  rdoc
  rspec (~> 2.8.0)
  rspec-core (~> 2.8.0)
  ruby-debug
  ruby-debug19
  test-unit
